PATH
  remote: .
  specs:
    miran (0.1.0.pre)
      prometheus-api-client
      unicode_plot

GEM
  remote: https://rubygems.org/
  specs:
    enumerable-statistics (2.0.1)
    faraday (0.17.3)
      multipart-post (>= 1.2, < 3)
    multipart-post (2.1.1)
    prometheus-api-client (0.6.1)
      faraday (~> 0.9)
    rake (10.5.0)
    unicode_plot (0.0.4)
      enumerable-statistics (>= 2.0.1)

PLATFORMS
  ruby

DEPENDENCIES
  bundler (~> 2.0)
  miran!
  rake (~> 10.0)

BUNDLED WITH
   2.1.2
